GEM
  specs:
    addressable (2.2.6)
    em-websocket (0.3.5)
      addressable (>= 2.1.1)
      eventmachine (>= 0.12.9)
    eventmachine (0.12.10)

PLATFORMS
  ruby

DEPENDENCIES
  em-websocket
